GEM
  remote: https://rubygems.org/
  specs:
    ast (2.4.0)
    jaro_winkler (1.5.4)
    parallel (1.19.1)
    parser (2.7.0.2)
      ast (~> 2.4.0)
    rainbow (3.0.0)
    rubocop (0.68.1)
      jaro_winkler (~> 1.5.1)
      parallel (~> 1.10)
      parser (>= 2.5, != 2.5.1.1)
      rainbow (>= 2.2.2, < 4.0)
      ruby-progressbar (~> 1.7)
      unicode-display_width (>= 1.4.0, < 1.6)
    ruby-progressbar (1.10.1)
    sketchup-api-stubs (0.7.1)
    unicode-display_width (1.5.0)

PLATFORMS
  ruby
  x64-mingw32

DEPENDENCIES
  rubocop (~> 0.68.1)
  sketchup-api-stubs

BUNDLED WITH
   1.17.2
